GIT
  remote: git://github.com/jtarchie/keyword_struct.git
  revision: 6316bf848395bed72c461ec7a9309ed7bc0fc577
  specs:
    keyword_struct (0.0.1)

GEM
  remote: https://rubygems.org/
  specs:
    ast (2.3.0)
    backports (3.6.8)
    haml (4.0.7)
      tilt
    multi_json (1.12.1)
    parser (2.3.3.0)
      ast (~> 2.2)
    powerpack (0.1.1)
    rack (1.6.5)
    rack-protection (1.5.3)
      rack
    rack-test (0.6.3)
      rack (>= 1.0)
    rainbow (2.1.0)
    rubocop (0.46.0)
      parser (>= 2.3.1.1, < 3.0)
      powerpack (~> 0.1)
      rainbow (>= 1.99.1, < 3.0)
      ruby-progressbar (~> 1.7)
      unicode-display_width (~> 1.0, >= 1.0.1)
    rubocop-rspec (1.8.0)
      rubocop (>= 0.42.0)
    ruby-progressbar (1.8.1)
    sinatra (1.4.7)
      rack (~> 1.5)
      rack-protection (~> 1.4)
      tilt (>= 1.3, < 3)
    sinatra-contrib (1.4.7)
      backports (>= 2.0)
      multi_json
      rack-protection
      rack-test
      sinatra (~> 1.4.0)
      tilt (>= 1.3, < 3)
    tilt (2.0.5)
    unicode-display_width (1.1.1)

PLATFORMS
  ruby

DEPENDENCIES
  haml
  keyword_struct!
  rubocop
  rubocop-rspec
  sinatra
  sinatra-contrib

RUBY VERSION
   ruby 2.3.0p0

BUNDLED WITH
   1.13.6
